GEM
  remote: https://www.rubygems.org/
  specs:
    coderay (1.1.0)
    json-schema (2.2.2)
    method_source (0.8.2)
    pry (0.10.0)
      coderay (~> 1.1.0)
      method_source (~> 0.8.1)
      slop (~> 3.4)
    slop (3.5.0)

PLATFORMS
  ruby

DEPENDENCIES
  json-schema
  pry
